GEM
  specs:

PLATFORMS
  x64-mingw32

DEPENDENCIES

BUNDLED WITH
   1.15.3
